GEM
  remote: https://rubygems.org/
  specs:
    activesupport (5.2.3)
      concurrent-ruby (~> 1.0, >= 1.0.2)
      i18n (>= 0.7, < 2)
      minitest (~> 5.1)
      tzinfo (~> 1.1)
    addressable (2.6.0)
      public_suffix (>= 2.0.2, < 4.0)
    byebug (11.0.1)
    coderay (1.1.2)
    concurrent-ruby (1.1.5)
    declarative (0.0.10)
    declarative-option (0.1.0)
    diff-lcs (1.3)
    docile (1.3.2)
    faraday (0.15.4)
      multipart-post (>= 1.2, < 3)
    google-api-client (0.30.2)
      addressable (~> 2.5, >= 2.5.1)
      googleauth (>= 0.5, < 0.10.0)
      httpclient (>= 2.8.1, < 3.0)
      mini_mime (~> 1.0)
      representable (~> 3.0)
      retriable (>= 2.0, < 4.0)
      signet (~> 0.10)
    googleauth (0.8.1)
      faraday (~> 0.12)
      jwt (>= 1.4, < 3.0)
      memoist (~> 0.16)
      multi_json (~> 1.11)
      os (>= 0.9, < 2.0)
      signet (~> 0.7)
    httpclient (2.8.3)
    i18n (1.6.0)
      concurrent-ruby (~> 1.0)
    json (2.3.1)
    jwt (2.2.1)
    mail (2.7.1)
      mini_mime (>= 0.1.1)
    memoist (0.16.0)
    method_source (0.9.2)
    mini_mime (1.0.1)
    minitest (5.11.3)
    multi_json (1.13.1)
    multipart-post (2.1.1)
    os (1.0.1)
    pry (0.12.2)
      coderay (~> 1.1.0)
      method_source (~> 0.9.0)
    pry-byebug (3.7.0)
      byebug (~> 11.0)
      pry (~> 0.10)
    public_suffix (3.1.0)
    rack (2.0.8)
    rack-test (1.1.0)
      rack (>= 1.0, < 3)
    redcarpet (3.4.0)
    representable (3.0.4)
      declarative (< 0.1.0)
      declarative-option (< 0.2.0)
      uber (< 0.2.0)
    retriable (3.1.2)
    rspec (3.8.0)
      rspec-core (~> 3.8.0)
      rspec-expectations (~> 3.8.0)
      rspec-mocks (~> 3.8.0)
    rspec-core (3.8.1)
      rspec-support (~> 3.8.0)
    rspec-expectations (3.8.4)
      diff-lcs (>= 1.2.0, < 2.0)
      rspec-support (~> 3.8.0)
    rspec-mocks (3.8.1)
      diff-lcs (>= 1.2.0, < 2.0)
      rspec-support (~> 3.8.0)
    rspec-support (3.8.2)
    shoulda-matchers (4.1.0)
      activesupport (>= 4.2.0)
    signet (0.11.0)
      addressable (~> 2.3)
      faraday (~> 0.9)
      jwt (>= 1.5, < 3.0)
      multi_json (~> 1.10)
    simplecov (0.16.1)
      docile (~> 1.1)
      json (>= 1.8, < 3)
      simplecov-html (~> 0.10.0)
    simplecov-html (0.10.2)
    simplecov-rcov (0.2.3)
      simplecov (>= 0.4.1)
    thread_safe (0.3.6)
    tzinfo (1.2.5)
      thread_safe (~> 0.1)
    uber (0.1.0)

PLATFORMS
  ruby

DEPENDENCIES
  google-api-client (~> 0.30)
  mail (~> 2.7)
  pry
  pry-byebug (~> 3.7)
  rack-test
  redcarpet (~> 3.4)
  rspec
  shoulda-matchers (~> 4.1)
  simplecov
  simplecov-rcov

RUBY VERSION
   ruby 2.6.3p62

BUNDLED WITH
   1.17.3
